GEM
  remote: https://rubygems.org/
  specs:
    actioncable (7.1.0)
      actionpack (= 7.1.0)
      activesupport (= 7.1.0)
      nio4r (~> 2.0)
      websocket-driver (>= 0.6.1)
      zeitwerk (~> 2.6)
    actionmailbox (7.1.0)
      actionpack (= 7.1.0)
      activejob (= 7.1.0)
      activerecord (= 7.1.0)
      activestorage (= 7.1.0)
      activesupport (= 7.1.0)
      mail (>= 2.7.1)
      net-imap
      net-pop
      net-smtp
    actionmailer (7.1.0)
      actionpack (= 7.1.0)
      actionview (= 7.1.0)
      activejob (= 7.1.0)
      activesupport (= 7.1.0)
      mail (~> 2.5, >= 2.5.4)
      net-imap
      net-pop
      net-smtp
      rails-dom-testing (~> 2.2)
    actionpack (7.1.0)
      actionview (= 7.1.0)
      activesupport (= 7.1.0)
      nokogiri (>= 1.8.5)
      rack (>= 2.2.4)
      rack-session (>= 1.0.1)
      rack-test (>= 0.6.3)
      rails-dom-testing (~> 2.2)
      rails-html-sanitizer (~> 1.6)
    actiontext (7.1.0)
      actionpack (= 7.1.0)
      activerecord (= 7.1.0)
      activestorage (= 7.1.0)
      activesupport (= 7.1.0)
      globalid (>= 0.6.0)
      nokogiri (>= 1.8.5)
    actionview (7.1.0)
      activesupport (= 7.1.0)
      builder (~> 3.1)
      erubi (~> 1.11)
      rails-dom-testing (~> 2.2)
      rails-html-sanitizer (~> 1.6)
    activejob (7.1.0)
      activesupport (= 7.1.0)
      globalid (>= 0.3.6)
    activemodel (7.1.0)
      activesupport (= 7.1.0)
    activemodel-serializers-xml (1.0.2)
      activemodel (> 5.x)
      activesupport (> 5.x)
      builder (~> 3.1)
    activerecord (7.1.0)
      activemodel (= 7.1.0)
      activesupport (= 7.1.0)
      timeout (>= 0.4.0)
    activerecord-import (1.5.0)
      activerecord (>= 4.2)
    activestorage (7.1.0)
      actionpack (= 7.1.0)
      activejob (= 7.1.0)
      activerecord (= 7.1.0)
      activesupport (= 7.1.0)
      marcel (~> 1.0)
    activesupport (7.1.0)
      base64
      bigdecimal
      concurrent-ruby (~> 1.0, >= 1.0.2)
      connection_pool (>= 2.2.5)
      drb
      i18n (>= 1.6, < 2)
      minitest (>= 5.1)
      mutex_m
      tzinfo (~> 2.0)
    addressable (2.8.5)
      public_suffix (>= 2.0.2, < 6.0)
    ast (2.4.2)
    base64 (0.1.1)
    bcrypt (3.1.19)
    better_html (2.0.2)
      actionview (>= 6.0)
      activesupport (>= 6.0)
      ast (~> 2.0)
      erubi (~> 1.4)
      parser (>= 2.4)
      smart_properties
    bigdecimal (3.1.4)
    bindex (0.8.1)
    blueprinter (0.30.0)
    bootsnap (1.16.0)
      msgpack (~> 1.2)
    builder (3.2.4)
    bullet (7.1.1)
      activesupport (>= 3.0.0)
      uniform_notifier (~> 1.11)
    byebug (11.1.3)
    caxlsx (3.4.1)
      htmlentities (~> 4.3, >= 4.3.4)
      marcel (~> 1.0)
      nokogiri (~> 1.10, >= 1.10.4)
      rubyzip (>= 1.3.0, < 3)
    caxlsx_rails (0.6.3)
      actionpack (>= 3.1)
      caxlsx (>= 3.0)
    coderay (1.1.3)
    concurrent-ruby (1.2.2)
    connection_pool (2.4.1)
    crass (1.0.6)
    cssbundling-rails (1.3.3)
      railties (>= 6.0.0)
    date (3.3.3)
    dotenv (2.8.1)
    dotenv-rails (2.8.1)
      dotenv (= 2.8.1)
      railties (>= 3.2)
    draper (4.0.2)
      actionpack (>= 5.0)
      activemodel (>= 5.0)
      activemodel-serializers-xml (>= 1.0)
      activesupport (>= 5.0)
      request_store (>= 1.0)
      ruby2_keywords
    drb (2.1.1)
      ruby2_keywords
    erubi (1.12.0)
    faker (3.2.1)
      i18n (>= 1.8.11, < 2)
    faraday (2.7.11)
      base64
      faraday-net_http (>= 2.0, < 3.1)
      ruby2_keywords (>= 0.0.4)
    faraday-gzip (2.0.0)
      faraday (>= 1.0)
      zlib (~> 3.0)
    faraday-net_http (3.0.2)
    globalid (1.2.1)
      activesupport (>= 6.1)
    highline (2.1.0)
    htmlentities (4.3.4)
    i18n (1.14.1)
      concurrent-ruby (~> 1.0)
    i18n-tasks (1.0.12)
      activesupport (>= 4.0.2)
      ast (>= 2.1.0)
      better_html (>= 1.0, < 3.0)
      erubi
      highline (>= 2.0.0)
      i18n
      parser (>= 2.2.3.0)
      rails-i18n
      rainbow (>= 2.2.2, < 4.0)
      terminal-table (>= 1.5.1)
    io-console (0.6.0)
    irb (1.8.1)
      rdoc
      reline (>= 0.3.8)
    jsbundling-rails (1.2.1)
      railties (>= 6.0.0)
    json (2.6.3)
    language_server-protocol (3.17.0.3)
    launchy (2.5.2)
      addressable (~> 2.8)
    letter_opener (1.8.1)
      launchy (>= 2.2, < 3)
    lokalise_manager (4.0.0)
      ruby-lokalise-api (~> 8.0)
      rubyzip (~> 2.3)
      zeitwerk (~> 2.4)
    lokalise_rails (6.0.0)
      lokalise_manager (~> 4.0)
      zeitwerk (~> 2.4)
    loofah (2.21.3)
      crass (~> 1.0.2)
      nokogiri (>= 1.12.0)
    mail (2.8.1)
      mini_mime (>= 0.1.1)
      net-imap
      net-pop
      net-smtp
    marcel (1.0.2)
    method_source (1.0.0)
    mini_mime (1.1.5)
    mini_portile2 (2.8.4)
    minitest (5.20.0)
    msgpack (1.7.2)
    mutex_m (0.1.2)
    net-imap (0.4.1)
      date
      net-protocol
    net-pop (0.1.2)
      net-protocol
    net-protocol (0.2.1)
      timeout
    net-smtp (0.4.0)
      net-protocol
    nio4r (2.5.9)
    nokogiri (1.15.4)
      mini_portile2 (~> 2.8.2)
      racc (~> 1.4)
    pagy (6.1.0)
    parallel (1.23.0)
    parser (3.2.2.4)
      ast (~> 2.4.1)
      racc
    propshaft (0.7.0)
      actionpack (>= 7.0.0)
      activesupport (>= 7.0.0)
      rack
      railties (>= 7.0.0)
    pry (0.14.2)
      coderay (~> 1.1)
      method_source (~> 1.0)
    pry-rails (0.3.9)
      pry (>= 0.10.4)
    psych (5.1.0)
      stringio
    public_suffix (5.0.3)
    puma (6.4.0)
      nio4r (~> 2.0)
    pundit (2.3.1)
      activesupport (>= 3.0.0)
    racc (1.7.1)
    rack (3.0.8)
    rack-mini-profiler (3.1.1)
      rack (>= 1.2.0)
    rack-session (2.0.0)
      rack (>= 3.0.0)
    rack-test (2.1.0)
      rack (>= 1.3)
    rackup (2.1.0)
      rack (>= 3)
      webrick (~> 1.8)
    rails (7.1.0)
      actioncable (= 7.1.0)
      actionmailbox (= 7.1.0)
      actionmailer (= 7.1.0)
      actionpack (= 7.1.0)
      actiontext (= 7.1.0)
      actionview (= 7.1.0)
      activejob (= 7.1.0)
      activemodel (= 7.1.0)
      activerecord (= 7.1.0)
      activestorage (= 7.1.0)
      activesupport (= 7.1.0)
      bundler (>= 1.15.0)
      railties (= 7.1.0)
    rails-dom-testing (2.2.0)
      activesupport (>= 5.0.0)
      minitest
      nokogiri (>= 1.6)
    rails-html-sanitizer (1.6.0)
      loofah (~> 2.21)
      nokogiri (~> 1.14)
    rails-i18n (7.0.8)
      i18n (>= 0.7, < 2)
      railties (>= 6.0.0, < 8)
    railties (7.1.0)
      actionpack (= 7.1.0)
      activesupport (= 7.1.0)
      irb
      rackup (>= 1.0.0)
      rake (>= 12.2)
      thor (~> 1.0, >= 1.2.2)
      zeitwerk (~> 2.6)
    rainbow (3.1.1)
    rake (13.0.6)
    rdoc (6.5.0)
      psych (>= 4.0.0)
    redis (5.0.7)
      redis-client (>= 0.9.0)
    redis-client (0.17.0)
      connection_pool
    regexp_parser (2.8.1)
    reline (0.3.9)
      io-console (~> 0.5)
    request_store (1.5.1)
      rack (>= 1.4)
    rexml (3.2.6)
    rubocop (1.56.4)
      base64 (~> 0.1.1)
      json (~> 2.3)
      language_server-protocol (>= 3.17.0)
      parallel (~> 1.10)
      parser (>= 3.2.2.3)
      rainbow (>= 2.2.2, < 4.0)
      regexp_parser (>= 1.8, < 3.0)
      rexml (>= 3.2.5, < 4.0)
      rubocop-ast (>= 1.28.1, < 2.0)
      ruby-progressbar (~> 1.7)
      unicode-display_width (>= 2.4.0, < 3.0)
    rubocop-ast (1.29.0)
      parser (>= 3.2.1.0)
    rubocop-i18n (3.0.0)
      rubocop (~> 1.0)
    rubocop-performance (1.19.1)
      rubocop (>= 1.7.0, < 2.0)
      rubocop-ast (>= 0.4.0)
    rubocop-rails (2.21.2)
      activesupport (>= 4.2.0)
      rack (>= 1.1)
      rubocop (>= 1.33.0, < 2.0)
    ruby-lokalise-api (8.0.1)
      addressable (~> 2.5)
      faraday (~> 2.0)
      faraday-gzip (~> 2.0)
      json (~> 2)
      zeitwerk (~> 2.4)
    ruby-progressbar (1.13.0)
    ruby2_keywords (0.0.5)
    rubyXL (3.4.25)
      nokogiri (>= 1.10.8)
      rubyzip (>= 1.3.0)
    rubyzip (2.3.2)
    sidekiq (7.1.6)
      concurrent-ruby (< 2)
      connection_pool (>= 2.3.0)
      rack (>= 2.2.4)
      redis-client (>= 0.14.0)
    smart_properties (1.17.0)
    sqlite3 (1.6.6)
      mini_portile2 (~> 2.8.0)
    stringio (3.0.8)
    terminal-table (3.0.2)
      unicode-display_width (>= 1.1.1, < 3)
    thor (1.2.2)
    timeout (0.4.0)
    turbo-rails (1.4.0)
      actionpack (>= 6.0.0)
      activejob (>= 6.0.0)
      railties (>= 6.0.0)
    tzinfo (2.0.6)
      concurrent-ruby (~> 1.0)
    tzinfo-data (1.2023.3)
      tzinfo (>= 1.0.0)
    unicode-display_width (2.5.0)
    uniform_notifier (1.16.0)
    web-console (4.2.1)
      actionview (>= 6.0.0)
      activemodel (>= 6.0.0)
      bindex (>= 0.4.0)
      railties (>= 6.0.0)
    webrick (1.8.1)
    websocket-driver (0.7.6)
      websocket-extensions (>= 0.1.0)
    websocket-extensions (0.1.5)
    zeitwerk (2.6.12)
    zlib (3.0.0)

PLATFORMS
  x64-mingw-ucrt
  x64-mingw32
  x86_64-linux

DEPENDENCIES
  activerecord-import (~> 1.2)
  bcrypt (~> 3.1.7)
  blueprinter (~> 0.25)
  bootsnap (>= 1.4.4)
  bullet
  byebug
  caxlsx (~> 3.1)
  caxlsx_rails (~> 0.6)
  cssbundling-rails (~> 1.1, >= 1.1.1)
  dotenv-rails (~> 2.7)
  draper (~> 4.0)
  faker (~> 3)
  i18n-tasks (~> 1.0, >= 1.0.12)
  jsbundling-rails (~> 1.0, >= 1.0.3)
  letter_opener
  lokalise_rails (~> 6)
  pagy (~> 6.0)
  propshaft (~> 0.7)
  pry-rails
  puma (~> 6.0)
  pundit (~> 2.1)
  rack-mini-profiler (~> 3.0)
  rails (~> 7.0, >= 7.0.4)
  rails-i18n (~> 7.0, >= 7.0.5)
  redis (~> 5.0)
  rubocop (~> 1.18)
  rubocop-i18n (~> 3)
  rubocop-performance (~> 1.11)
  rubocop-rails (~> 2.11)
  rubyXL (~> 3.4)
  rubyzip (~> 2)
  sidekiq (~> 7)
  sqlite3 (~> 1.4)
  turbo-rails (~> 1.3, >= 1.3.2)
  tzinfo-data
  web-console (>= 4.1.0)

RUBY VERSION
   ruby 3.2.2p0

BUNDLED WITH
   2.4.19
